GIT
  remote: git@github.com:corpgovrisk/rest-client.git
  revision: 362888b1c76a39e678980827fdc45335d0b0b665
  branch: master
  specs:
    rest-client (1.6.7)
      mime-types (>= 1.16)
      netrc

PATH
  remote: .
  specs:
    fserv_client (0.1)
      rest-client

GEM
  remote: http://rubygems.org/
  specs:
    activesupport (3.2.8)
      i18n (~> 0.6)
      multi_json (~> 1.0)
    diff-lcs (1.1.3)
    i18n (0.6.1)
    mime-types (1.19)
    multi_json (1.3.6)
    netrc (0.7.7)
    rake (0.9.2.2)
    rspec (2.11.0)
      rspec-core (~> 2.11.0)
      rspec-expectations (~> 2.11.0)
      rspec-mocks (~> 2.11.0)
    rspec-core (2.11.1)
    rspec-expectations (2.11.3)
      diff-lcs (~> 1.1.3)
    rspec-mocks (2.11.3)

PLATFORMS
  ruby

DEPENDENCIES
  activesupport
  fserv_client!
  rake
  rest-client!
  rspec
